GEM
  remote: http://rubygems.org/
  specs:
    chunky_png (1.4.0)
    rqrcode (2.2.0)
      chunky_png (~> 1.0)
      rqrcode_core (~> 1.0)
    rqrcode_core (1.2.0)

PLATFORMS
  ruby
  x86_64-linux

DEPENDENCIES
  chunky_png (~> 1.3, >= 1.3.5)
  rqrcode (~> 2.0)

BUNDLED WITH
   2.6.3
